GEM
  remote: https://rubygems.org/
  specs:
    archive-zip (0.7.0)
      io-like (~> 0.3.0)
    childprocess (0.9.0)
      ffi (~> 1.0, >= 1.0.11)
    chromedriver-helper (1.1.0)
      archive-zip (~> 0.7.0)
      nokogiri (~> 1.6)
    ffi (1.10.0)
    io-like (0.3.1)
    mini_portile2 (2.1.0)
    nokogiri (1.6.8.1)
      mini_portile2 (~> 2.1.0)
    rubyzip (1.3.0)
    selenium-webdriver (2.53.4)
      childprocess (~> 0.5)
      rubyzip (~> 1.0)
      websocket (~> 1.0)
    websocket (1.2.4)

PLATFORMS
  ruby

DEPENDENCIES
  chromedriver-helper
  selenium-webdriver

BUNDLED WITH
   1.16.2
